GEM
  remote: http://rubygems.org/
  specs:
    coffee-script (2.2.0)
      coffee-script-source
      execjs
    coffee-script-source (1.2.0)
    execjs (1.2.13)
      multi_json (~> 1.0)
    ffi (1.0.11)
    guard (0.9.4)
      ffi (>= 0.5.0)
      thor (~> 0.14.6)
    guard-coffeescript (0.5.4)
      coffee-script (>= 2.2.0)
      guard (>= 0.8.3)
    guard-haml (0.3.1)
      guard (>= 0.4)
      haml (>= 3.0)
    guard-sass (0.5.4)
      guard (>= 0.4.0)
      sass (>= 3.1)
    haml (3.1.4)
    libv8 (3.11.8.17)
    multi_json (1.0.4)
    rake (0.9.2.2)
    ref (1.0.5)
    sass (3.1.12)
    therubyracer (0.11.4)
      libv8 (~> 3.11.8.12)
      ref
    thor (0.14.6)

PLATFORMS
  ruby

DEPENDENCIES
  guard (= 0.9.4)
  guard-coffeescript
  guard-haml
  guard-sass
  haml
  rake
  sass
  therubyracer (~> 0.11.4)
